GEM
  remote: http://rubygems.org/
  specs:
    rake (10.4.2)
    xcpretty (0.1.12)

PLATFORMS
  ruby

DEPENDENCIES
  bundler
  rake
  xcpretty

BUNDLED WITH
   1.10.6
